GEM
  remote: https://rubygems.org/
  specs:
    osc-ruby (1.1.1)
    puma (2.12.3)
    rack (1.6.4)
    rack-protection (1.5.3)
      rack
    shotgun (0.9.1)
      rack (>= 1.0)
    sinatra (1.4.6)
      rack (~> 1.4)
      rack-protection (~> 1.4)
      tilt (>= 1.3, < 3)
    tilt (2.0.1)

PLATFORMS
  ruby

DEPENDENCIES
  osc-ruby
  puma
  shotgun
  sinatra
